GIT
  remote: https://gitlab.com/honeyryderchuck/httpx.git
  revision: 6ad59453ced9713e4646b30f62d683ed5c6fe901
  branch: issue-186
  specs:
    httpx (0.19.4)
      http-2-next (>= 0.4.1)

GEM
  remote: http://rubygems.org/
  specs:
    http-2-next (0.5.0)
    mime-types (3.4.1)
      mime-types-data (~> 3.2015)
    mime-types-data (3.2022.0105)

PLATFORMS
  x86_64-linux

DEPENDENCIES
  httpx!
  mime-types

BUNDLED WITH
   2.3.6
